GEM
  remote: https://rubygems.org/
  specs:
    cairo (1.17.5)
      native-package-installer (>= 1.0.3)
      pkg-config (>= 1.2.2)
      red-colors
    cairo-gobject (3.4.9)
      cairo (>= 1.16.2)
      glib2 (= 3.4.9)
    classy_hash (1.0.0)
    coderay (1.1.3)
    ffi (1.15.5-x64-mingw32)
    formatador (0.3.0)
    gdk_pixbuf2 (3.4.9)
      gio2 (= 3.4.9)
    gio2 (3.4.9)
      gobject-introspection (= 3.4.9)
    glib2 (3.4.9)
      native-package-installer (>= 1.0.3)
      pkg-config (>= 1.3.5)
    gobject-introspection (3.4.9)
      glib2 (= 3.4.9)
    guard (2.18.0)
      formatador (>= 0.2.4)
      listen (>= 2.7, < 4.0)
      lumberjack (>= 1.0.12, < 2.0)
      nenv (~> 0.1)
      notiffany (~> 0.0)
      pry (>= 0.13.0)
      shellany (~> 0.0)
      thor (>= 0.18.1)
    guard-rake (1.0.0)
      guard
      rake
    highline (2.0.3)
    listen (3.7.1)
      rb-fsevent (~> 0.10, >= 0.10.3)
      rb-inotify (~> 0.9, >= 0.9.10)
    lumberjack (1.2.8)
    matrix (0.4.2)
    mercenary (0.4.0)
    method_source (1.0.0)
    native-package-installer (1.1.1)
    nenv (0.3.0)
    nokogiri (1.13.1-x64-mingw32)
      racc (~> 1.4)
    notiffany (0.1.3)
      nenv (~> 0.1)
      shellany (~> 0.0)
    pango (3.4.9)
      cairo-gobject (= 3.4.9)
      gobject-introspection (= 3.4.9)
    pkg-config (1.4.6)
    pry (0.14.1)
      coderay (~> 1.1)
      method_source (~> 1.0)
    racc (1.6.0)
    rainbow (3.0.0)
    rake (13.0.6)
    rb-fsevent (0.11.1)
    rb-inotify (0.10.1)
      ffi (~> 1.0)
    red-colors (0.3.0)
      matrix
    roo (2.8.3)
      nokogiri (~> 1)
      rubyzip (>= 1.3.0, < 3.0.0)
    rsvg2 (3.4.9)
      cairo-gobject (= 3.4.9)
      gdk_pixbuf2 (= 3.4.9)
    ruby-progressbar (1.11.0)
    rubyzip (2.3.2)
    shellany (0.0.1)
    squib (0.18.0)
      cairo (~> 1.17)
      classy_hash (= 1.0.0)
      gio2 (~> 3.4)
      gobject-introspection (~> 3.4)
      highline (= 2.0.3)
      mercenary (= 0.4.0)
      nokogiri (~> 1.11)
      pango (~> 3.4)
      rainbow (~> 3.0)
      roo (~> 2.8)
      rsvg2 (~> 3.4)
      ruby-progressbar (~> 1.11)
    thor (1.2.1)

PLATFORMS
  x64-mingw32

DEPENDENCIES
  guard
  guard-rake
  squib

BUNDLED WITH
   2.3.5
