GEM
  remote: https://rubygems.org/
  specs:
    bigdecimal (3.1.8)
    cairo (1.17.13)
      native-package-installer (>= 1.0.3)
      pkg-config (>= 1.2.2)
      red-colors
    cairo-gobject (4.2.4)
      cairo (>= 1.16.2)
      glib2 (= 4.2.4)
    classy_hash (1.0.0)
    coderay (1.1.3)
    csv (3.3.0)
    ffi (1.17.0-x64-mingw-ucrt)
    fiddle (1.1.6)
    formatador (1.1.0)
    gdk_pixbuf2 (4.2.4)
      gio2 (= 4.2.4)
    gio2 (4.2.4)
      fiddle
      gobject-introspection (= 4.2.4)
    glib2 (4.2.4)
      native-package-installer (>= 1.0.3)
      pkg-config (>= 1.3.5)
    gobject-introspection (4.2.4)
      glib2 (= 4.2.4)
    guard (2.19.0)
      formatador (>= 0.2.4)
      listen (>= 2.7, < 4.0)
      lumberjack (>= 1.0.12, < 2.0)
      nenv (~> 0.1)
      notiffany (~> 0.0)
      pry (>= 0.13.0)
      shellany (~> 0.0)
      thor (>= 0.18.1)
    guard-rake (1.0.0)
      guard
      rake
    highline (2.0.3)
    httparty (0.22.0)
      csv
      mini_mime (>= 1.0.0)
      multi_xml (>= 0.5.2)
    json (2.9.0)
    listen (3.9.0)
      rb-fsevent (~> 0.10, >= 0.10.3)
      rb-inotify (~> 0.9, >= 0.9.10)
    lumberjack (1.2.10)
    matrix (0.4.2)
    mercenary (0.4.0)
    method_source (1.1.0)
    mini_mime (1.1.5)
    multi_xml (0.7.1)
      bigdecimal (~> 3.1)
    native-package-installer (1.1.9)
    nenv (0.3.0)
    nokogiri (1.17.2-x64-mingw-ucrt)
      racc (~> 1.4)
    notiffany (0.1.3)
      nenv (~> 0.1)
      shellany (~> 0.0)
    pango (4.2.4)
      cairo-gobject (= 4.2.4)
      gobject-introspection (= 4.2.4)
    pkg-config (1.5.8)
    pry (0.15.0)
      coderay (~> 1.1)
      method_source (~> 1.0)
    racc (1.8.1)
    rainbow (3.1.1)
    rake (13.2.1)
    rb-fsevent (0.11.2)
    rb-inotify (0.11.1)
      ffi (~> 1.0)
    red-colors (0.4.0)
      json
      matrix
    roo (2.10.1)
      nokogiri (~> 1)
      rubyzip (>= 1.3.0, < 3.0.0)
    rsvg2 (4.2.4)
      cairo-gobject (= 4.2.4)
      gdk_pixbuf2 (= 4.2.4)
    ruby-progressbar (1.13.0)
    rubyzip (2.3.2)
    shellany (0.0.1)
    squib (0.19.0a)
      cairo (~> 1.17)
      classy_hash (= 1.0.0)
      gio2 (~> 4.2)
      gobject-introspection (~> 4.2)
      highline (= 2.0.3)
      mercenary (= 0.4.0)
      nokogiri (~> 1.16)
      pango (~> 4.2)
      rainbow (~> 3.0)
      roo (~> 2.10)
      rsvg2 (~> 4.2)
      ruby-progressbar (~> 1.11)
    thor (1.3.2)

PLATFORMS
  x64-mingw-ucrt

DEPENDENCIES
  guard
  guard-rake
  httparty
  squib (= 0.19.0a)

BUNDLED WITH
   2.4.12
